PATH
  remote: .
  specs:
    content_for_in_controllers (0.0.1)

GEM
  remote: http://rubygems.org/
  specs:

PLATFORMS
  ruby

DEPENDENCIES
  content_for_in_controllers!
